RESTRICTION: || (== net461) (== netstandard1.6)
NUGET
  remote: https://www.nuget.org/api/v2
    Argu (3.7)
      FSharp.Core (>= 4.0.1.7-alpha) - restriction: || (&& (== net461) (>= netstandard1.6)) (== netstandard1.6)
      NETStandard.Library (>= 1.6) - restriction: || (&& (== net461) (>= netstandard1.6)) (== netstandard1.6)
      System.Xml.XDocument (>= 4.0.11) - restriction: || (&& (== net461) (>= netstandard1.6)) (== netstandard1.6)
    dotnet-mono (0.1.5) - clitool: true
    Expecto (5.0)
      Argu (>= 3.7)
      FSharp.Core (>= 4.1.12) - restriction: == net461
      FSharp.Core (>= 4.1.17) - restriction: || (&& (== net461) (>= netstandard1.6)) (== netstandard1.6)
      Mono.Cecil (>= 0.10.0-beta5)
      NETStandard.Library (>= 1.6.1) - restriction: || (&& (== net461) (>= netstandard1.6)) (== netstandard1.6)
      System.Diagnostics.FileVersionInfo (>= 4.3) - restriction: || (&& (== net461) (>= netstandard1.6)) (== netstandard1.6)
      System.Diagnostics.TraceSource (>= 4.3) - restriction: || (&& (== net461) (>= netstandard1.6)) (== netstandard1.6)
      System.Linq.Parallel (>= 4.3) - restriction: || (&& (== net461) (>= netstandard1.6)) (== netstandard1.6)
    FSharp.Compiler.Tools (4.1.23)
    FSharp.Core (4.2.2)
      System.Collections (>= 4.0.11) - restriction: || (&& (== net461) (>= netstandard1.6)) (== netstandard1.6)
      System.Console (>= 4.0) - restriction: || (&& (== net461) (>= netstandard1.6)) (== netstandard1.6)
      System.Diagnostics.Debug (>= 4.0.11) - restriction: || (&& (== net461) (>= netstandard1.6)) (== netstandard1.6)
      System.Diagnostics.Tools (>= 4.0.1) - restriction: || (&& (== net461) (>= netstandard1.6)) (== netstandard1.6)
      System.Globalization (>= 4.0.11) - restriction: || (&& (== net461) (>= netstandard1.6)) (== netstandard1.6)
      System.IO (>= 4.1) - restriction: || (&& (== net461) (>= netstandard1.6)) (== netstandard1.6)
      System.Linq (>= 4.1) - restriction: || (&& (== net461) (>= netstandard1.6)) (== netstandard1.6)
      System.Linq.Expressions (>= 4.1) - restriction: || (&& (== net461) (>= netstandard1.6)) (== netstandard1.6)
      System.Linq.Queryable (>= 4.0.1) - restriction: || (&& (== net461) (>= netstandard1.6)) (== netstandard1.6)
      System.Net.Requests (>= 4.0.11) - restriction: || (&& (== net461) (>= netstandard1.6)) (== netstandard1.6)
      System.Reflection (>= 4.1) - restriction: || (&& (== net461) (>= netstandard1.6)) (== netstandard1.6)
      System.Reflection.Extensions (>= 4.0.1) - restriction: || (&& (== net461) (>= netstandard1.6)) (== netstandard1.6)
      System.Resources.ResourceManager (>= 4.0.1) - restriction: || (&& (== net461) (>= netstandard1.6)) (== netstandard1.6)
      System.Runtime (>= 4.1) - restriction: || (&& (== net461) (>= netstandard1.6)) (== netstandard1.6)
      System.Runtime.Extensions (>= 4.1) - restriction: || (&& (== net461) (>= netstandard1.6)) (== netstandard1.6)
      System.Runtime.Numerics (>= 4.0.1) - restriction: || (&& (== net461) (>= netstandard1.6)) (== netstandard1.6)
      System.Text.RegularExpressions (>= 4.1) - restriction: || (&& (== net461) (>= netstandard1.6)) (== netstandard1.6)
      System.Threading (>= 4.0.11) - restriction: || (&& (== net461) (>= netstandard1.6)) (== netstandard1.6)
      System.Threading.Tasks (>= 4.0.11) - restriction: || (&& (== net461) (>= netstandard1.6)) (== netstandard1.6)
      System.Threading.Tasks.Parallel (>= 4.0.1) - restriction: || (&& (== net461) (>= netstandard1.6)) (== netstandard1.6)
      System.Threading.Thread (>= 4.0) - restriction: || (&& (== net461) (>= netstandard1.6)) (== netstandard1.6)
      System.Threading.ThreadPool (>= 4.0.10) - restriction: || (&& (== net461) (>= netstandard1.6)) (== netstandard1.6)
      System.Threading.Timer (>= 4.0.1) - restriction: || (&& (== net461) (>= netstandard1.6)) (== netstandard1.6)
    FSharp.NET.Sdk (1.0.5)
      FSharp.Compiler.Tools (>= 4.1.17)
    Microsoft.DotNet.Watcher.Tools (1.0) - clitool: true
    Microsoft.NETCore.Platforms (2.0) - restriction: || (&& (== net461) (< net35)) (&& (== net461) (>= netstandard1.6)) (&& (== net461) (>= netcore1.1)) (== netstandard1.6)
    Microsoft.NETCore.Targets (2.0) - restriction: || (&& (== net461) (>= netstandard1.6)) (&& (== net461) (>= netcore1.1)) (== netstandard1.6)
    Microsoft.Win32.Primitives (4.3) - restriction: || (&& (== net461) (== netstandard1.6)) (&& (== net461) (>= netstandard1.6)) (== netstandard1.6)
      Microsoft.NETCore.Platforms (>= 1.1) - restriction: || (&& (== net461) (< net46)) (== netstandard1.6)
      Microsoft.NETCore.Targets (>= 1.1) - restriction: || (&& (== net461) (< net46)) (== netstandard1.6)
      System.Runtime (>= 4.3) - restriction: || (&& (== net461) (< net46)) (== netstandard1.6)
    Mono.Cecil (0.10.0-beta6)
      System.Collections (>= 4.0.11) - restriction: || (&& (== net461) (< net35)) (== netstandard1.6)
      System.IO.FileSystem (>= 4.0.1) - restriction: || (&& (== net461) (< net35)) (== netstandard1.6)
      System.IO.FileSystem.Primitives (>= 4.0.1) - restriction: || (&& (== net461) (< net35)) (== netstandard1.6)
      System.Reflection (>= 4.1) - restriction: || (&& (== net461) (< net35)) (== netstandard1.6)
      System.Runtime.Extensions (>= 4.1) - restriction: || (&& (== net461) (< net35)) (== netstandard1.6)
      System.Security.Cryptography.Algorithms (>= 4.2) - restriction: || (&& (== net461) (< net35)) (== netstandard1.6)
      System.Security.Cryptography.Csp (>= 4.0) - restriction: || (&& (== net461) (< net35)) (== netstandard1.6)
      System.Threading (>= 4.0.11) - restriction: || (&& (== net461) (< net35)) (== netstandard1.6)
    NETStandard.Library (2.0) - restriction: || (&& (== net461) (>= netstandard1.6)) (== netstandard1.6)
      Microsoft.NETCore.Platforms (>= 1.1)
      Microsoft.Win32.Primitives (>= 4.3) - restriction: || (&& (== net461) (< net45)) (&& (== net461) (>= uap100)) (&& (== net461) (< netstandard1.4)) (&& (== net461) (>= netstandard1.6)) (== netstandard1.6)
      System.AppContext (>= 4.3) - restriction: || (&& (== net461) (< net45)) (&& (== net461) (>= uap100)) (&& (== net461) (< netstandard1.4)) (&& (== net461) (>= netstandard1.6)) (== netstandard1.6)
      System.Collections (>= 4.3) - restriction: || (&& (== net461) (< net45)) (&& (== net461) (>= uap100)) (&& (== net461) (>= netstandard1.6)) (&& (== net461) (< portable-net45+win8+wpa81)) (== netstandard1.6)
      System.Collections.Concurrent (>= 4.3) - restriction: || (&& (== net461) (< net45)) (&& (== net461) (>= uap100)) (&& (== net461) (>= netstandard1.6)) (== netstandard1.6)
      System.Console (>= 4.3) - restriction: || (&& (== net461) (< net45)) (&& (== net461) (>= uap100)) (&& (== net461) (< netstandard1.4)) (&& (== net461) (>= netstandard1.6)) (== netstandard1.6)
      System.Diagnostics.Debug (>= 4.3) - restriction: || (&& (== net461) (< net45)) (&& (== net461) (>= uap100)) (&& (== net461) (>= netstandard1.6)) (&& (== net461) (< portable-net45+win8+wpa81)) (== netstandard1.6)
      System.Diagnostics.Tools (>= 4.3) - restriction: || (&& (== net461) (< net45)) (&& (== net461) (>= uap100)) (&& (== net461) (>= netstandard1.6)) (&& (== net461) (< portable-net45+win8+wpa81)) (== netstandard1.6)
      System.Diagnostics.Tracing (>= 4.3) - restriction: || (&& (== net461) (< net45)) (&& (== net461) (>= uap100)) (&& (== net461) (>= netstandard1.6)) (== netstandard1.6)
      System.Globalization (>= 4.3) - restriction: || (&& (== net461) (< net45)) (&& (== net461) (>= uap100)) (&& (== net461) (>= netstandard1.6)) (&& (== net461) (< portable-net45+win8+wpa81)) (== netstandard1.6)
      System.Globalization.Calendars (>= 4.3) - restriction: || (&& (== net461) (< net45)) (&& (== net461) (>= uap100)) (&& (== net461) (< netstandard1.4)) (&& (== net461) (>= netstandard1.6)) (== netstandard1.6)
      System.IO (>= 4.3) - restriction: || (&& (== net461) (< net45)) (&& (== net461) (>= uap100)) (&& (== net461) (>= netstandard1.6)) (&& (== net461) (< portable-net45+win8+wpa81)) (== netstandard1.6)
      System.IO.Compression (>= 4.3) - restriction: || (&& (== net461) (< net45)) (&& (== net461) (>= uap100)) (&& (== net461) (< netstandard1.4)) (&& (== net461) (>= netstandard1.6)) (== netstandard1.6)
      System.IO.Compression.ZipFile (>= 4.3) - restriction: || (&& (== net461) (< net45)) (&& (== net461) (>= uap100)) (&& (== net461) (< netstandard1.4)) (&& (== net461) (>= netstandard1.6)) (== netstandard1.6)
      System.IO.FileSystem (>= 4.3) - restriction: || (&& (== net461) (< net45)) (&& (== net461) (>= uap100)) (&& (== net461) (< netstandard1.4)) (&& (== net461) (>= netstandard1.6)) (== netstandard1.6)
      System.IO.FileSystem.Primitives (>= 4.3) - restriction: || (&& (== net461) (< net45)) (&& (== net461) (>= uap100)) (&& (== net461) (< netstandard1.4)) (&& (== net461) (>= netstandard1.6)) (== netstandard1.6)
      System.Linq (>= 4.3) - restriction: || (&& (== net461) (< net45)) (&& (== net461) (>= uap100)) (&& (== net461) (>= netstandard1.6)) (&& (== net461) (< portable-net45+win8+wpa81)) (== netstandard1.6)
      System.Linq.Expressions (>= 4.3) - restriction: || (&& (== net461) (< net45)) (&& (== net461) (>= uap100)) (&& (== net461) (>= netstandard1.6)) (&& (== net461) (< portable-net45+win8+wpa81)) (== netstandard1.6)
      System.Net.Http (>= 4.3.2) - restriction: || (&& (== net461) (< net45)) (&& (== net461) (>= uap100)) (&& (== net461) (< netstandard1.4)) (&& (== net461) (>= netstandard1.6)) (== netstandard1.6)
      System.Net.Primitives (>= 4.3) - restriction: || (&& (== net461) (< net45)) (&& (== net461) (>= uap100)) (&& (== net461) (>= netstandard1.6)) (&& (== net461) (< portable-net45+win8+wpa81)) (== netstandard1.6)
      System.Net.Sockets (>= 4.3) - restriction: || (&& (== net461) (< net45)) (&& (== net461) (>= uap100)) (&& (== net461) (< netstandard1.4)) (&& (== net461) (>= netstandard1.6)) (== netstandard1.6)
      System.ObjectModel (>= 4.3) - restriction: || (&& (== net461) (< net45)) (&& (== net461) (>= uap100)) (&& (== net461) (>= netstandard1.6)) (&& (== net461) (< portable-net45+win8+wpa81)) (== netstandard1.6)
      System.Reflection (>= 4.3) - restriction: || (&& (== net461) (< net45)) (&& (== net461) (>= uap100)) (&& (== net461) (>= netstandard1.6)) (&& (== net461) (< portable-net45+win8+wpa81)) (== netstandard1.6)
      System.Reflection.Extensions (>= 4.3) - restriction: || (&& (== net461) (< net45)) (&& (== net461) (>= uap100)) (&& (== net461) (>= netstandard1.6)) (&& (== net461) (< portable-net45+win8+wpa81)) (== netstandard1.6)
      System.Reflection.Primitives (>= 4.3) - restriction: || (&& (== net461) (< net45)) (&& (== net461) (>= uap100)) (&& (== net461) (>= netstandard1.6)) (&& (== net461) (< portable-net45+win8+wpa81)) (== netstandard1.6)
      System.Resources.ResourceManager (>= 4.3) - restriction: || (&& (== net461) (< net45)) (&& (== net461) (>= uap100)) (&& (== net461) (>= netstandard1.6)) (&& (== net461) (< portable-net45+win8+wpa81)) (== netstandard1.6)
      System.Runtime (>= 4.3) - restriction: || (&& (== net461) (< net45)) (&& (== net461) (>= uap100)) (&& (== net461) (>= netstandard1.6)) (&& (== net461) (< portable-net45+win8+wpa81)) (== netstandard1.6)
      System.Runtime.Extensions (>= 4.3) - restriction: || (&& (== net461) (< net45)) (&& (== net461) (>= uap100)) (&& (== net461) (>= netstandard1.6)) (&& (== net461) (< portable-net45+win8+wpa81)) (== netstandard1.6)
      System.Runtime.Handles (>= 4.3) - restriction: || (&& (== net461) (< net45)) (&& (== net461) (>= uap100)) (&& (== net461) (>= netstandard1.6)) (== netstandard1.6)
      System.Runtime.InteropServices (>= 4.3) - restriction: || (&& (== net461) (< net45)) (&& (== net461) (>= uap100)) (&& (== net461) (>= netstandard1.6)) (== netstandard1.6)
      System.Runtime.InteropServices.RuntimeInformation (>= 4.3) - restriction: || (&& (== net461) (< net45)) (&& (== net461) (>= uap100)) (&& (== net461) (< netstandard1.0)) (&& (== net461) (< netstandard1.3)) (&& (== net461) (< netstandard1.4)) (&& (== net461) (>= netstandard1.6)) (&& (== net461) (< portable-net451+win81+wpa81)) (== netstandard1.6)
      System.Runtime.Numerics (>= 4.3) - restriction: || (&& (== net461) (< net45)) (&& (== net461) (>= uap100)) (&& (== net461) (>= netstandard1.6)) (== netstandard1.6)
      System.Security.Cryptography.Algorithms (>= 4.3) - restriction: || (&& (== net461) (< net45)) (&& (== net461) (>= uap100)) (&& (== net461) (< netstandard1.4)) (&& (== net461) (>= netstandard1.6)) (== netstandard1.6)
      System.Security.Cryptography.Encoding (>= 4.3) - restriction: || (&& (== net461) (< net45)) (&& (== net461) (>= uap100)) (&& (== net461) (< netstandard1.4)) (&& (== net461) (>= netstandard1.6)) (== netstandard1.6)
      System.Security.Cryptography.Primitives (>= 4.3) - restriction: || (&& (== net461) (< net45)) (&& (== net461) (>= uap100)) (&& (== net461) (< netstandard1.4)) (&& (== net461) (>= netstandard1.6)) (== netstandard1.6)
      System.Security.Cryptography.X509Certificates (>= 4.3) - restriction: || (&& (== net461) (< net45)) (&& (== net461) (>= uap100)) (&& (== net461) (< netstandard1.4)) (&& (== net461) (>= netstandard1.6)) (== netstandard1.6)
      System.Text.Encoding (>= 4.3) - restriction: || (&& (== net461) (< net45)) (&& (== net461) (>= uap100)) (&& (== net461) (>= netstandard1.6)) (&& (== net461) (< portable-net45+win8+wpa81)) (== netstandard1.6)
      System.Text.Encoding.Extensions (>= 4.3) - restriction: || (&& (== net461) (< net45)) (&& (== net461) (>= uap100)) (&& (== net461) (>= netstandard1.6)) (&& (== net461) (< portable-net45+win8+wpa81)) (== netstandard1.6)
      System.Text.RegularExpressions (>= 4.3) - restriction: || (&& (== net461) (< net45)) (&& (== net461) (>= uap100)) (&& (== net461) (>= netstandard1.6)) (&& (== net461) (< portable-net45+win8+wpa81)) (== netstandard1.6)
      System.Threading (>= 4.3) - restriction: || (&& (== net461) (< net45)) (&& (== net461) (>= uap100)) (&& (== net461) (>= netstandard1.6)) (&& (== net461) (< portable-net45+win8+wpa81)) (== netstandard1.6)
      System.Threading.Tasks (>= 4.3) - restriction: || (&& (== net461) (< net45)) (&& (== net461) (>= uap100)) (&& (== net461) (>= netstandard1.6)) (&& (== net461) (< portable-net45+win8+wpa81)) (== netstandard1.6)
      System.Threading.Timer (>= 4.3) - restriction: || (&& (== net461) (< net45)) (&& (== net461) (>= uap100)) (&& (== net461) (>= netstandard1.6)) (== netstandard1.6)
      System.Xml.ReaderWriter (>= 4.3) - restriction: || (&& (== net461) (< net45)) (&& (== net461) (>= uap100)) (&& (== net461) (< netstandard1.4)) (&& (== net461) (>= netstandard1.6)) (&& (== net461) (< portable-net45+win8+wpa81)) (== netstandard1.6)
      System.Xml.XDocument (>= 4.3) - restriction: || (&& (== net461) (< net45)) (&& (== net461) (>= uap100)) (&& (== net461) (>= netstandard1.6)) (&& (== net461) (< portable-net45+win8+wpa81)) (== netstandard1.6)
    runtime.debian.8-x64.runtime.native.System.Security.Cryptography.OpenSsl (4.3.1) - restriction: || (&& (== net461) (== netstandard1.6)) (&& (== net461) (>= netstandard1.6)) (== netstandard1.6)
    runtime.fedora.23-x64.runtime.native.System.Security.Cryptography.OpenSsl (4.3.1) - restriction: || (&& (== net461) (== netstandard1.6)) (&& (== net461) (>= netstandard1.6)) (== netstandard1.6)
    runtime.fedora.24-x64.runtime.native.System.Security.Cryptography.OpenSsl (4.3.1) - restriction: || (&& (== net461) (== netstandard1.6)) (&& (== net461) (>= netstandard1.6)) (== netstandard1.6)
    runtime.native.System (4.3) - restriction: || (&& (== net461) (>= netstandard1.6)) (== netstandard1.6)
      Microsoft.NETCore.Platforms (>= 1.1)
      Microsoft.NETCore.Targets (>= 1.1)
    runtime.native.System.IO.Compression (4.3) - restriction: || (&& (== net461) (== netstandard1.6)) (&& (== net461) (>= netstandard1.6)) (== netstandard1.6)
      Microsoft.NETCore.Platforms (>= 1.1)
      Microsoft.NETCore.Targets (>= 1.1)
    runtime.native.System.Net.Http (4.3) - restriction: || (&& (== net461) (>= netstandard1.6)) (== netstandard1.6)
      Microsoft.NETCore.Platforms (>= 1.1)
      Microsoft.NETCore.Targets (>= 1.1)
    runtime.native.System.Security.Cryptography.Apple (4.3) - restriction: || (&& (== net461) (== netstandard1.6)) (&& (== net461) (>= netstandard1.6)) (== netstandard1.6)
      runtime.osx.10.10-x64.runtime.native.System.Security.Cryptography.Apple (>= 4.3)
    runtime.native.System.Security.Cryptography.OpenSsl (4.3.1) - restriction: || (&& (== net461) (>= netstandard1.6)) (== netstandard1.6)
      runtime.debian.8-x64.runtime.native.System.Security.Cryptography.OpenSsl (>= 4.3.1)
      runtime.fedora.23-x64.runtime.native.System.Security.Cryptography.OpenSsl (>= 4.3.1)
      runtime.fedora.24-x64.runtime.native.System.Security.Cryptography.OpenSsl (>= 4.3.1)
      runtime.opensuse.13.2-x64.runtime.native.System.Security.Cryptography.OpenSsl (>= 4.3.1)
      runtime.opensuse.42.1-x64.runtime.native.System.Security.Cryptography.OpenSsl (>= 4.3.1)
      runtime.osx.10.10-x64.runtime.native.System.Security.Cryptography.OpenSsl (>= 4.3.1)
      runtime.rhel.7-x64.runtime.native.System.Security.Cryptography.OpenSsl (>= 4.3.1)
      runtime.ubuntu.14.04-x64.runtime.native.System.Security.Cryptography.OpenSsl (>= 4.3.1)
      runtime.ubuntu.16.04-x64.runtime.native.System.Security.Cryptography.OpenSsl (>= 4.3.1)
      runtime.ubuntu.16.10-x64.runtime.native.System.Security.Cryptography.OpenSsl (>= 4.3.1)
    runtime.opensuse.13.2-x64.runtime.native.System.Security.Cryptography.OpenSsl (4.3.1) - restriction: || (&& (== net461) (== netstandard1.6)) (&& (== net461) (>= netstandard1.6)) (== netstandard1.6)
    runtime.opensuse.42.1-x64.runtime.native.System.Security.Cryptography.OpenSsl (4.3.1) - restriction: || (&& (== net461) (== netstandard1.6)) (&& (== net461) (>= netstandard1.6)) (== netstandard1.6)
    runtime.osx.10.10-x64.runtime.native.System.Security.Cryptography.Apple (4.3) - restriction: || (&& (== net461) (== netstandard1.6)) (&& (== net461) (>= netstandard1.6)) (== netstandard1.6)
    runtime.osx.10.10-x64.runtime.native.System.Security.Cryptography.OpenSsl (4.3.1) - restriction: || (&& (== net461) (== netstandard1.6)) (&& (== net461) (>= netstandard1.6)) (== netstandard1.6)
    runtime.rhel.7-x64.runtime.native.System.Security.Cryptography.OpenSsl (4.3.1) - restriction: || (&& (== net461) (== netstandard1.6)) (&& (== net461) (>= netstandard1.6)) (== netstandard1.6)
    runtime.ubuntu.14.04-x64.runtime.native.System.Security.Cryptography.OpenSsl (4.3.1) - restriction: || (&& (== net461) (== netstandard1.6)) (&& (== net461) (>= netstandard1.6)) (== netstandard1.6)
    runtime.ubuntu.16.04-x64.runtime.native.System.Security.Cryptography.OpenSsl (4.3.1) - restriction: || (&& (== net461) (== netstandard1.6)) (&& (== net461) (>= netstandard1.6)) (== netstandard1.6)
    runtime.ubuntu.16.10-x64.runtime.native.System.Security.Cryptography.OpenSsl (4.3.1) - restriction: || (&& (== net461) (== netstandard1.6)) (&& (== net461) (>= netstandard1.6)) (== netstandard1.6)
    System.AppContext (4.3) - restriction: || (&& (== net461) (== netstandard1.6)) (&& (== net461) (>= netstandard1.6)) (== netstandard1.6)
      System.Runtime (>= 4.3) - restriction: || (&& (== net461) (< net46)) (&& (== net461) (>= dnxcore50)) (&& (== net461) (>= netstandard1.6)) (== netstandard1.6)
    System.Buffers (4.4) - restriction: || (&& (== net461) (>= netstandard1.6)) (== netstandard1.6)
      System.Diagnostics.Debug (>= 4.3)
      System.Diagnostics.Tracing (>= 4.3)
      System.Resources.ResourceManager (>= 4.3)
      System.Runtime (>= 4.3)
      System.Threading (>= 4.3)
    System.Collections (4.3) - restriction: || (&& (== net461) (>= netstandard1.6)) (== netstandard1.6)
      Microsoft.NETCore.Platforms (>= 1.1) - restriction: || (&& (== net461) (< net45)) (&& (== net461) (>= dnxcore50)) (== netstandard1.6)
      Microsoft.NETCore.Targets (>= 1.1) - restriction: || (&& (== net461) (< net45)) (&& (== net461) (>= dnxcore50)) (== netstandard1.6)
      System.Runtime (>= 4.3) - restriction: || (&& (== net461) (< net45)) (&& (== net461) (>= dnxcore50)) (== netstandard1.6)
    System.Collections.Concurrent (4.3) - restriction: || (&& (== net461) (>= netstandard1.6)) (== netstandard1.6)
      System.Collections (>= 4.3) - restriction: || (&& (== net461) (< net45)) (&& (== net461) (>= dnxcore50)) (== netstandard1.6)
      System.Diagnostics.Debug (>= 4.3) - restriction: || (&& (== net461) (< net45)) (&& (== net461) (>= dnxcore50)) (== netstandard1.6)
      System.Diagnostics.Tracing (>= 4.3) - restriction: || (&& (== net461) (< net45)) (&& (== net461) (>= dnxcore50)) (== netstandard1.6)
      System.Globalization (>= 4.3) - restriction: || (&& (== net461) (< net45)) (&& (== net461) (>= dnxcore50)) (== netstandard1.6)
      System.Reflection (>= 4.3) - restriction: || (&& (== net461) (< net45)) (== netstandard1.6)
      System.Resources.ResourceManager (>= 4.3) - restriction: || (&& (== net461) (< net45)) (&& (== net461) (>= dnxcore50)) (== netstandard1.6)
      System.Runtime (>= 4.3) - restriction: || (&& (== net461) (< net45)) (&& (== net461) (>= dnxcore50)) (== netstandard1.6)
      System.Runtime.Extensions (>= 4.3) - restriction: || (&& (== net461) (< net45)) (&& (== net461) (>= dnxcore50)) (== netstandard1.6)
      System.Threading (>= 4.3) - restriction: || (&& (== net461) (< net45)) (&& (== net461) (>= dnxcore50)) (== netstandard1.6)
      System.Threading.Tasks (>= 4.3) - restriction: || (&& (== net461) (< net45)) (&& (== net461) (>= dnxcore50)) (== netstandard1.6)
    System.Collections.Immutable (1.4) - restriction: || (&& (== net461) (== netstandard1.6)) (&& (== net461) (>= netstandard1.6)) (&& (== net461) (>= netstandard2.0)) (&& (== net461) (>= monotouch)) (&& (== net461) (>= xamarintvos)) (&& (== net461) (>= xamarinwatchos)) (&& (== net461) (>= xamarinios)) (&& (== net461) (>= xamarinmac)) (== netstandard1.6)
      NETStandard.Library (>= 1.6.1)
    System.Console (4.3) - restriction: || (&& (== net461) (>= netstandard1.6)) (== netstandard1.6)
      Microsoft.NETCore.Platforms (>= 1.1) - restriction: || (&& (== net461) (< net46)) (== netstandard1.6)
      Microsoft.NETCore.Targets (>= 1.1) - restriction: || (&& (== net461) (< net46)) (== netstandard1.6)
      System.IO (>= 4.3) - restriction: || (&& (== net461) (< net46)) (== netstandard1.6)
      System.Runtime (>= 4.3) - restriction: || (&& (== net461) (< net46)) (== netstandard1.6)
      System.Text.Encoding (>= 4.3) - restriction: || (&& (== net461) (< net46)) (== netstandard1.6)
    System.Diagnostics.Debug (4.3) - restriction: || (&& (== net461) (>= netstandard1.6)) (== netstandard1.6)
      Microsoft.NETCore.Platforms (>= 1.1) - restriction: || (&& (== net461) (< net45)) (&& (== net461) (>= dnxcore50)) (== netstandard1.6)
      Microsoft.NETCore.Targets (>= 1.1) - restriction: || (&& (== net461) (< net45)) (&& (== net461) (>= dnxcore50)) (== netstandard1.6)
      System.Runtime (>= 4.3) - restriction: || (&& (== net461) (< net45)) (&& (== net461) (>= dnxcore50)) (== netstandard1.6)
    System.Diagnostics.DiagnosticSource (4.4.1) - restriction: || (&& (== net461) (== netstandard1.6)) (&& (== net461) (>= netstandard1.6)) (== netstandard1.6)
      System.Collections (>= 4.3) - restriction: || (&& (== net461) (< net45)) (== netstandard1.6)
      System.Diagnostics.Debug (>= 4.3) - restriction: || (&& (== net461) (< net45)) (== netstandard1.6)
      System.Diagnostics.Tracing (>= 4.3) - restriction: || (&& (== net461) (< net45)) (== netstandard1.6)
      System.Reflection (>= 4.3) - restriction: || (&& (== net461) (< net45)) (== netstandard1.6)
      System.Runtime (>= 4.3) - restriction: || (&& (== net461) (< net45)) (== netstandard1.6)
      System.Runtime.Extensions (>= 4.3) - restriction: || (&& (== net461) (< net45)) (== netstandard1.6)
      System.Threading (>= 4.3) - restriction: || (&& (== net461) (< net45)) (== netstandard1.6)
    System.Diagnostics.FileVersionInfo (4.3) - restriction: || (&& (== net461) (== netstandard1.6)) (&& (== net461) (>= netstandard1.6)) (== netstandard1.6)
      Microsoft.NETCore.Platforms (>= 1.1) - restriction: || (&& (== net461) (< net46)) (&& (== net461) (>= dnxcore50)) (== netstandard1.6)
      System.Globalization (>= 4.3) - restriction: || (&& (== net461) (< net46)) (== netstandard1.6)
      System.IO (>= 4.3) - restriction: || (&& (== net461) (< net46)) (&& (== net461) (>= dnxcore50)) (== netstandard1.6)
      System.IO.FileSystem (>= 4.3) - restriction: || (&& (== net461) (< net46)) (&& (== net461) (>= dnxcore50)) (== netstandard1.6)
      System.IO.FileSystem.Primitives (>= 4.3) - restriction: || (&& (== net461) (< net46)) (&& (== net461) (>= dnxcore50)) (== netstandard1.6)
      System.Reflection.Metadata (>= 1.4.1) - restriction: || (&& (== net461) (< net46)) (&& (== net461) (>= dnxcore50)) (== netstandard1.6)
      System.Runtime (>= 4.3) - restriction: || (&& (== net461) (< net46)) (&& (== net461) (>= dnxcore50)) (== netstandard1.6)
      System.Runtime.Extensions (>= 4.3) - restriction: || (&& (== net461) (< net46)) (&& (== net461) (>= dnxcore50)) (== netstandard1.6)
      System.Runtime.InteropServices (>= 4.3) - restriction: || (&& (== net461) (< net46)) (== netstandard1.6)
    System.Diagnostics.Tools (4.3) - restriction: || (&& (== net461) (>= netstandard1.6)) (== netstandard1.6)
      Microsoft.NETCore.Platforms (>= 1.1) - restriction: || (&& (== net461) (< net45)) (&& (== net461) (>= dnxcore50)) (== netstandard1.6)
      Microsoft.NETCore.Targets (>= 1.1) - restriction: || (&& (== net461) (< net45)) (&& (== net461) (>= dnxcore50)) (== netstandard1.6)
      System.Runtime (>= 4.3) - restriction: || (&& (== net461) (< net45)) (&& (== net461) (>= dnxcore50)) (== netstandard1.6)
    System.Diagnostics.TraceSource (4.3) - restriction: || (&& (== net461) (== netstandard1.6)) (&& (== net461) (>= netstandard1.6)) (== netstandard1.6)
      Microsoft.NETCore.Platforms (>= 1.1) - restriction: || (&& (== net461) (< net46)) (== netstandard1.6)
      runtime.native.System (>= 4.3) - restriction: || (&& (== net461) (< net46)) (== netstandard1.6)
      System.Collections (>= 4.3) - restriction: || (&& (== net461) (< net46)) (== netstandard1.6)
      System.Diagnostics.Debug (>= 4.3) - restriction: || (&& (== net461) (< net46)) (== netstandard1.6)
      System.Globalization (>= 4.3) - restriction: || (&& (== net461) (< net46)) (== netstandard1.6)
      System.Resources.ResourceManager (>= 4.3) - restriction: || (&& (== net461) (< net46)) (== netstandard1.6)
      System.Runtime (>= 4.3) - restriction: || (&& (== net461) (< net46)) (== netstandard1.6)
      System.Runtime.Extensions (>= 4.3) - restriction: || (&& (== net461) (< net46)) (== netstandard1.6)
      System.Threading (>= 4.3) - restriction: || (&& (== net461) (< net46)) (== netstandard1.6)
    System.Diagnostics.Tracing (4.3) - restriction: || (&& (== net461) (>= netstandard1.6)) (== netstandard1.6)
      Microsoft.NETCore.Platforms (>= 1.1) - restriction: || (&& (== net461) (< net45)) (&& (== net461) (>= dnxcore50)) (== netstandard1.6)
      Microsoft.NETCore.Targets (>= 1.1) - restriction: || (&& (== net461) (< net45)) (&& (== net461) (>= dnxcore50)) (== netstandard1.6)
      System.Runtime (>= 4.3) - restriction: || (&& (== net461) (< net45)) (&& (== net461) (>= dnxcore50)) (== netstandard1.6)
    System.Globalization (4.3) - restriction: || (&& (== net461) (>= netstandard1.6)) (== netstandard1.6)
      Microsoft.NETCore.Platforms (>= 1.1) - restriction: || (&& (== net461) (< net45)) (&& (== net461) (>= dnxcore50)) (== netstandard1.6)
      Microsoft.NETCore.Targets (>= 1.1) - restriction: || (&& (== net461) (< net45)) (&& (== net461) (>= dnxcore50)) (== netstandard1.6)
      System.Runtime (>= 4.3) - restriction: || (&& (== net461) (< net45)) (&& (== net461) (>= dnxcore50)) (== netstandard1.6)
    System.Globalization.Calendars (4.3) - restriction: || (&& (== net461) (== netstandard1.6)) (&& (== net461) (>= netstandard1.6)) (== netstandard1.6)
      Microsoft.NETCore.Platforms (>= 1.1) - restriction: || (&& (== net461) (< net46)) (== netstandard1.6)
      Microsoft.NETCore.Targets (>= 1.1) - restriction: || (&& (== net461) (< net46)) (== netstandard1.6)
      System.Globalization (>= 4.3) - restriction: || (&& (== net461) (< net46)) (== netstandard1.6)
      System.Runtime (>= 4.3) - restriction: || (&& (== net461) (< net46)) (== netstandard1.6)
    System.Globalization.Extensions (4.3) - restriction: || (&& (== net461) (== netstandard1.6)) (&& (== net461) (>= netstandard1.6)) (== netstandard1.6)
      Microsoft.NETCore.Platforms (>= 1.1) - restriction: || (&& (== net461) (< net46)) (== netstandard1.6)
      System.Globalization (>= 4.3) - restriction: || (&& (== net461) (< net46)) (== netstandard1.6)
      System.Resources.ResourceManager (>= 4.3) - restriction: || (&& (== net461) (< net46)) (== netstandard1.6)
      System.Runtime (>= 4.3) - restriction: || (&& (== net461) (< net46)) (== netstandard1.6)
      System.Runtime.Extensions (>= 4.3) - restriction: || (&& (== net461) (< net46)) (== netstandard1.6)
      System.Runtime.InteropServices (>= 4.3) - restriction: || (&& (== net461) (< net46)) (== netstandard1.6)
    System.IO (4.3) - restriction: || (&& (== net461) (>= netstandard1.6)) (== netstandard1.6)
      Microsoft.NETCore.Platforms (>= 1.1) - restriction: || (&& (== net461) (< net45)) (&& (== net461) (>= dnxcore50)) (== netstandard1.6)
      Microsoft.NETCore.Targets (>= 1.1) - restriction: || (&& (== net461) (< net45)) (&& (== net461) (>= dnxcore50)) (== netstandard1.6)
      System.Runtime (>= 4.3) - restriction: || (&& (== net461) (< net45)) (&& (== net461) (>= dnxcore50)) (== netstandard1.6)
      System.Text.Encoding (>= 4.3) - restriction: || (&& (== net461) (< net45)) (&& (== net461) (>= dnxcore50)) (== netstandard1.6)
      System.Threading.Tasks (>= 4.3) - restriction: || (&& (== net461) (< net45)) (&& (== net461) (>= dnxcore50)) (== netstandard1.6)
    System.IO.Compression (4.3) - restriction: || (&& (== net461) (== netstandard1.6)) (&& (== net461) (>= netstandard1.6)) (== netstandard1.6)
      Microsoft.NETCore.Platforms (>= 1.1) - restriction: || (&& (== net461) (< net45)) (== netstandard1.6)
      runtime.native.System (>= 4.3) - restriction: || (&& (== net461) (< net45)) (== netstandard1.6)
      runtime.native.System.IO.Compression (>= 4.3) - restriction: || (&& (== net461) (< net45)) (&& (== net461) (>= dnxcore50)) (== netstandard1.6)
      System.Buffers (>= 4.3) - restriction: || (&& (== net461) (< net45)) (&& (== net461) (>= dnxcore50)) (== netstandard1.6)
      System.Collections (>= 4.3) - restriction: || (&& (== net461) (< net45)) (&& (== net461) (>= dnxcore50)) (== netstandard1.6)
      System.Diagnostics.Debug (>= 4.3) - restriction: || (&& (== net461) (< net45)) (&& (== net461) (>= dnxcore50)) (== netstandard1.6)
      System.IO (>= 4.3) - restriction: || (&& (== net461) (< net45)) (&& (== net461) (>= dnxcore50)) (== netstandard1.6)
      System.Resources.ResourceManager (>= 4.3) - restriction: || (&& (== net461) (< net45)) (&& (== net461) (>= dnxcore50)) (== netstandard1.6)
      System.Runtime (>= 4.3) - restriction: || (&& (== net461) (< net45)) (&& (== net461) (>= dnxcore50)) (== netstandard1.6)
      System.Runtime.Extensions (>= 4.3) - restriction: || (&& (== net461) (< net45)) (&& (== net461) (>= dnxcore50)) (== netstandard1.6)
      System.Runtime.Handles (>= 4.3) - restriction: || (&& (== net461) (< net45)) (&& (== net461) (>= dnxcore50)) (== netstandard1.6)
      System.Runtime.InteropServices (>= 4.3) - restriction: || (&& (== net461) (< net45)) (&& (== net461) (>= dnxcore50)) (== netstandard1.6)
      System.Text.Encoding (>= 4.3) - restriction: || (&& (== net461) (< net45)) (&& (== net461) (>= dnxcore50)) (== netstandard1.6)
      System.Threading (>= 4.3) - restriction: || (&& (== net461) (< net45)) (&& (== net461) (>= dnxcore50)) (== netstandard1.6)
      System.Threading.Tasks (>= 4.3) - restriction: || (&& (== net461) (< net45)) (&& (== net461) (>= dnxcore50)) (== netstandard1.6)
    System.IO.Compression.ZipFile (4.3) - restriction: || (&& (== net461) (== netstandard1.6)) (&& (== net461) (>= netstandard1.6)) (== netstandard1.6)
      System.Buffers (>= 4.3) - restriction: || (&& (== net461) (< net46)) (== netstandard1.6)
      System.IO (>= 4.3) - restriction: || (&& (== net461) (< net46)) (== netstandard1.6)
      System.IO.Compression (>= 4.3) - restriction: || (&& (== net461) (< net46)) (== netstandard1.6)
      System.IO.FileSystem (>= 4.3) - restriction: || (&& (== net461) (< net46)) (== netstandard1.6)
      System.IO.FileSystem.Primitives (>= 4.3) - restriction: || (&& (== net461) (< net46)) (== netstandard1.6)
      System.Resources.ResourceManager (>= 4.3) - restriction: || (&& (== net461) (< net46)) (== netstandard1.6)
      System.Runtime (>= 4.3) - restriction: || (&& (== net461) (< net46)) (== netstandard1.6)
      System.Runtime.Extensions (>= 4.3) - restriction: || (&& (== net461) (< net46)) (== netstandard1.6)
      System.Text.Encoding (>= 4.3) - restriction: || (&& (== net461) (< net46)) (== netstandard1.6)
    System.IO.FileSystem (4.3) - restriction: || (&& (== net461) (< net35)) (&& (== net461) (>= netstandard1.6)) (== netstandard1.6)
      Microsoft.NETCore.Platforms (>= 1.1) - restriction: || (&& (== net461) (< net46)) (== netstandard1.6)
      Microsoft.NETCore.Targets (>= 1.1) - restriction: || (&& (== net461) (< net46)) (== netstandard1.6)
      System.IO (>= 4.3) - restriction: || (&& (== net461) (< net46)) (== netstandard1.6)
      System.IO.FileSystem.Primitives (>= 4.3)
      System.Runtime (>= 4.3) - restriction: || (&& (== net461) (< net46)) (== netstandard1.6)
      System.Runtime.Handles (>= 4.3) - restriction: || (&& (== net461) (< net46)) (== netstandard1.6)
      System.Text.Encoding (>= 4.3) - restriction: || (&& (== net461) (< net46)) (== netstandard1.6)
      System.Threading.Tasks (>= 4.3) - restriction: || (&& (== net461) (< net46)) (== netstandard1.6)
    System.IO.FileSystem.Primitives (4.3) - restriction: || (&& (== net461) (< net35)) (&& (== net461) (>= netstandard1.6)) (== netstandard1.6)
      System.Runtime (>= 4.3) - restriction: || (&& (== net461) (< net46)) (== netstandard1.6)
    System.Linq (4.3) - restriction: || (&& (== net461) (>= netstandard1.6)) (== netstandard1.6)
      System.Collections (>= 4.3) - restriction: || (&& (== net461) (< net45)) (&& (== net461) (>= dnxcore50)) (&& (== net461) (>= netstandard1.6)) (== netstandard1.6)
      System.Diagnostics.Debug (>= 4.3) - restriction: || (&& (== net461) (>= dnxcore50)) (&& (== net461) (>= netstandard1.6)) (== netstandard1.6)
      System.Resources.ResourceManager (>= 4.3) - restriction: || (&& (== net461) (>= dnxcore50)) (&& (== net461) (>= netstandard1.6)) (== netstandard1.6)
      System.Runtime (>= 4.3) - restriction: || (&& (== net461) (< net45)) (&& (== net461) (>= dnxcore50)) (&& (== net461) (>= netstandard1.6)) (== netstandard1.6)
      System.Runtime.Extensions (>= 4.3) - restriction: || (&& (== net461) (>= dnxcore50)) (&& (== net461) (>= netstandard1.6)) (== netstandard1.6)
    System.Linq.Expressions (4.3) - restriction: || (&& (== net461) (>= netstandard1.6)) (== netstandard1.6)
      System.Collections (>= 4.3) - restriction: || (&& (== net461) (>= dnxcore50)) (&& (== net461) (>= netstandard1.6)) (== netstandard1.6)
      System.Diagnostics.Debug (>= 4.3) - restriction: || (&& (== net461) (>= dnxcore50)) (&& (== net461) (>= netstandard1.6)) (== netstandard1.6)
      System.Globalization (>= 4.3) - restriction: || (&& (== net461) (>= dnxcore50)) (&& (== net461) (>= netstandard1.6)) (== netstandard1.6)
      System.IO (>= 4.3) - restriction: || (&& (== net461) (>= dnxcore50)) (&& (== net461) (>= netstandard1.6)) (== netstandard1.6)
      System.Linq (>= 4.3) - restriction: || (&& (== net461) (>= dnxcore50)) (&& (== net461) (>= netstandard1.6)) (== netstandard1.6)
      System.ObjectModel (>= 4.3) - restriction: || (&& (== net461) (>= netstandard1.6)) (== netstandard1.6)
      System.Reflection (>= 4.3) - restriction: || (&& (== net461) (< net45)) (&& (== net461) (>= dnxcore50)) (&& (== net461) (>= netstandard1.6)) (== netstandard1.6)
      System.Reflection.Emit (>= 4.3) - restriction: || (&& (== net461) (>= netstandard1.6)) (== netstandard1.6)
      System.Reflection.Emit.ILGeneration (>= 4.3) - restriction: || (&& (== net461) (>= dnxcore50)) (&& (== net461) (>= netstandard1.6)) (== netstandard1.6)
      System.Reflection.Emit.Lightweight (>= 4.3) - restriction: || (&& (== net461) (>= dnxcore50)) (&& (== net461) (>= netstandard1.6)) (== netstandard1.6)
      System.Reflection.Extensions (>= 4.3) - restriction: || (&& (== net461) (>= dnxcore50)) (&& (== net461) (>= netstandard1.6)) (== netstandard1.6)
      System.Reflection.Primitives (>= 4.3) - restriction: || (&& (== net461) (>= dnxcore50)) (&& (== net461) (>= netstandard1.6)) (== netstandard1.6)
      System.Reflection.TypeExtensions (>= 4.3) - restriction: || (&& (== net461) (>= dnxcore50)) (&& (== net461) (>= netstandard1.6)) (== netstandard1.6)
      System.Resources.ResourceManager (>= 4.3) - restriction: || (&& (== net461) (>= dnxcore50)) (&& (== net461) (>= netstandard1.6)) (== netstandard1.6)
      System.Runtime (>= 4.3) - restriction: || (&& (== net461) (< net45)) (&& (== net461) (>= dnxcore50)) (&& (== net461) (>= netstandard1.6)) (== netstandard1.6)
      System.Runtime.Extensions (>= 4.3) - restriction: || (&& (== net461) (>= dnxcore50)) (&& (== net461) (>= netstandard1.6)) (== netstandard1.6)
      System.Threading (>= 4.3) - restriction: || (&& (== net461) (>= dnxcore50)) (&& (== net461) (>= netstandard1.6)) (== netstandard1.6)
    System.Linq.Parallel (4.3) - restriction: || (&& (== net461) (== netstandard1.6)) (&& (== net461) (>= netstandard1.6)) (== netstandard1.6)
      System.Collections (>= 4.3) - restriction: || (&& (== net461) (< net45)) (&& (== net461) (>= dnxcore50)) (== netstandard1.6)
      System.Collections.Concurrent (>= 4.3) - restriction: || (&& (== net461) (< net45)) (&& (== net461) (>= dnxcore50)) (== netstandard1.6)
      System.Diagnostics.Debug (>= 4.3) - restriction: || (&& (== net461) (< net45)) (&& (== net461) (>= dnxcore50)) (== netstandard1.6)
      System.Diagnostics.Tracing (>= 4.3) - restriction: || (&& (== net461) (< net45)) (&& (== net461) (>= dnxcore50)) (== netstandard1.6)
      System.Linq (>= 4.3) - restriction: || (&& (== net461) (< net45)) (&& (== net461) (>= dnxcore50)) (== netstandard1.6)
      System.Resources.ResourceManager (>= 4.3) - restriction: || (&& (== net461) (< net45)) (&& (== net461) (>= dnxcore50)) (== netstandard1.6)
      System.Runtime (>= 4.3) - restriction: || (&& (== net461) (< net45)) (&& (== net461) (>= dnxcore50)) (== netstandard1.6)
      System.Runtime.Extensions (>= 4.3) - restriction: || (&& (== net461) (< net45)) (&& (== net461) (>= dnxcore50)) (== netstandard1.6)
      System.Threading (>= 4.3) - restriction: || (&& (== net461) (< net45)) (&& (== net461) (>= dnxcore50)) (== netstandard1.6)
      System.Threading.Tasks (>= 4.3) - restriction: || (&& (== net461) (< net45)) (&& (== net461) (>= dnxcore50)) (== netstandard1.6)
    System.Linq.Queryable (4.3) - restriction: || (&& (== net461) (== netstandard1.6)) (&& (== net461) (>= netstandard1.6)) (== netstandard1.6)
      System.Collections (>= 4.3) - restriction: || (&& (== net461) (< net45)) (&& (== net461) (>= dnxcore50)) (== netstandard1.6)
      System.Diagnostics.Debug (>= 4.3) - restriction: || (&& (== net461) (< net45)) (&& (== net461) (>= dnxcore50)) (== netstandard1.6)
      System.Linq (>= 4.3) - restriction: || (&& (== net461) (< net45)) (&& (== net461) (>= dnxcore50)) (== netstandard1.6)
      System.Linq.Expressions (>= 4.3) - restriction: || (&& (== net461) (< net45)) (&& (== net461) (>= dnxcore50)) (== netstandard1.6)
      System.Reflection (>= 4.3) - restriction: || (&& (== net461) (< net45)) (&& (== net461) (>= dnxcore50)) (== netstandard1.6)
      System.Reflection.Extensions (>= 4.3) - restriction: || (&& (== net461) (< net45)) (&& (== net461) (>= dnxcore50)) (== netstandard1.6)
      System.Resources.ResourceManager (>= 4.3) - restriction: || (&& (== net461) (< net45)) (&& (== net461) (>= dnxcore50)) (== netstandard1.6)
      System.Runtime (>= 4.3) - restriction: || (&& (== net461) (< net45)) (&& (== net461) (>= dnxcore50)) (== netstandard1.6)
    System.Net.Http (4.3.2) - restriction: || (&& (== net461) (>= netstandard1.6)) (== netstandard1.6)
      Microsoft.NETCore.Platforms (>= 1.1) - restriction: || (&& (== net461) (< net45)) (&& (== net461) (>= dnxcore50)) (&& (== net461) (>= netstandard1.6)) (== netstandard1.6)
      runtime.native.System (>= 4.3) - restriction: || (&& (== net461) (>= netstandard1.6)) (== netstandard1.6)
      runtime.native.System.Net.Http (>= 4.3) - restriction: || (&& (== net461) (>= netstandard1.6)) (== netstandard1.6)
      runtime.native.System.Security.Cryptography.OpenSsl (>= 4.3) - restriction: || (&& (== net461) (>= netstandard1.6)) (== netstandard1.6)
      System.Collections (>= 4.3) - restriction: || (&& (== net461) (< net45)) (&& (== net461) (>= dnxcore50)) (&& (== net461) (>= netstandard1.6)) (== netstandard1.6)
      System.Diagnostics.Debug (>= 4.3) - restriction: || (&& (== net461) (< net45)) (&& (== net461) (>= dnxcore50)) (&& (== net461) (>= netstandard1.6)) (== netstandard1.6)
      System.Diagnostics.DiagnosticSource (>= 4.3) - restriction: || (&& (== net461) (< net45)) (&& (== net461) (>= dnxcore50)) (&& (== net461) (>= netstandard1.6)) (== netstandard1.6)
      System.Diagnostics.Tracing (>= 4.3) - restriction: || (&& (== net461) (< net45)) (&& (== net461) (>= dnxcore50)) (&& (== net461) (>= netstandard1.6)) (== netstandard1.6)
      System.Globalization (>= 4.3) - restriction: || (&& (== net461) (< net45)) (&& (== net461) (>= dnxcore50)) (&& (== net461) (>= netstandard1.6)) (== netstandard1.6)
      System.Globalization.Extensions (>= 4.3) - restriction: || (&& (== net461) (>= netstandard1.6)) (== netstandard1.6)
      System.IO (>= 4.3) - restriction: || (&& (== net461) (< net45)) (&& (== net461) (>= dnxcore50)) (&& (== net461) (>= netstandard1.6)) (== netstandard1.6)
      System.IO.FileSystem (>= 4.3) - restriction: || (&& (== net461) (>= netstandard1.6)) (== netstandard1.6)
      System.Net.Primitives (>= 4.3) - restriction: || (&& (== net461) (< net45)) (&& (== net461) (>= dnxcore50)) (&& (== net461) (>= netstandard1.6)) (== netstandard1.6)
      System.Resources.ResourceManager (>= 4.3) - restriction: || (&& (== net461) (< net45)) (&& (== net461) (>= dnxcore50)) (&& (== net461) (>= netstandard1.6)) (== netstandard1.6)
      System.Runtime (>= 4.3) - restriction: || (&& (== net461) (< net45)) (&& (== net461) (>= dnxcore50)) (&& (== net461) (>= netstandard1.6)) (== netstandard1.6)
      System.Runtime.Extensions (>= 4.3) - restriction: || (&& (== net461) (< net45)) (&& (== net461) (>= dnxcore50)) (&& (== net461) (>= netstandard1.6)) (== netstandard1.6)
      System.Runtime.Handles (>= 4.3) - restriction: || (&& (== net461) (< net45)) (&& (== net461) (>= netstandard1.6)) (== netstandard1.6)
      System.Runtime.InteropServices (>= 4.3) - restriction: || (&& (== net461) (< net45)) (&& (== net461) (>= dnxcore50)) (&& (== net461) (>= netstandard1.6)) (== netstandard1.6)
      System.Security.Cryptography.Algorithms (>= 4.3) - restriction: || (&& (== net461) (>= netstandard1.6)) (== netstandard1.6)
      System.Security.Cryptography.Encoding (>= 4.3) - restriction: || (&& (== net461) (< net45)) (&& (== net461) (>= netstandard1.6)) (== netstandard1.6)
      System.Security.Cryptography.OpenSsl (>= 4.3) - restriction: || (&& (== net461) (>= netstandard1.6)) (== netstandard1.6)
      System.Security.Cryptography.Primitives (>= 4.3) - restriction: || (&& (== net461) (>= netstandard1.6)) (== netstandard1.6)
      System.Security.Cryptography.X509Certificates (>= 4.3)
      System.Text.Encoding (>= 4.3) - restriction: || (&& (== net461) (< net45)) (&& (== net461) (>= dnxcore50)) (&& (== net461) (>= netstandard1.6)) (== netstandard1.6)
      System.Threading (>= 4.3) - restriction: || (&& (== net461) (< net45)) (&& (== net461) (>= dnxcore50)) (&& (== net461) (>= netstandard1.6)) (== netstandard1.6)
      System.Threading.Tasks (>= 4.3) - restriction: || (&& (== net461) (< net45)) (&& (== net461) (>= dnxcore50)) (&& (== net461) (>= netstandard1.6)) (== netstandard1.6)
    System.Net.Primitives (4.3) - restriction: || (&& (== net461) (>= netstandard1.6)) (== netstandard1.6)
      Microsoft.NETCore.Platforms (>= 1.1) - restriction: || (&& (== net461) (< net45)) (&& (== net461) (>= dnxcore50)) (&& (== net461) (< netstandard1.1)) (== netstandard1.6)
      Microsoft.NETCore.Targets (>= 1.1) - restriction: || (&& (== net461) (< net45)) (&& (== net461) (>= dnxcore50)) (&& (== net461) (< netstandard1.1)) (== netstandard1.6)
      System.Runtime (>= 4.3) - restriction: || (&& (== net461) (< net45)) (&& (== net461) (>= dnxcore50)) (&& (== net461) (< netstandard1.1)) (== netstandard1.6)
      System.Runtime.Handles (>= 4.3) - restriction: || (&& (== net461) (< net45)) (&& (== net461) (>= dnxcore50)) (== netstandard1.6)
    System.Net.Requests (4.3) - restriction: || (&& (== net461) (== netstandard1.6)) (&& (== net461) (>= netstandard1.6)) (== netstandard1.6)
      Microsoft.NETCore.Platforms (>= 1.1) - restriction: || (&& (== net461) (< net45)) (== netstandard1.6)
      System.Collections (>= 4.3) - restriction: || (&& (== net461) (< net45)) (&& (== net461) (>= dnxcore50)) (== netstandard1.6)
      System.Diagnostics.Debug (>= 4.3) - restriction: || (&& (== net461) (< net45)) (&& (== net461) (>= dnxcore50)) (== netstandard1.6)
      System.Diagnostics.Tracing (>= 4.3) - restriction: || (&& (== net461) (< net45)) (&& (== net461) (>= dnxcore50)) (== netstandard1.6)
      System.Globalization (>= 4.3) - restriction: || (&& (== net461) (< net45)) (&& (== net461) (>= dnxcore50)) (== netstandard1.6)
      System.IO (>= 4.3) - restriction: || (&& (== net461) (< net45)) (&& (== net461) (>= dnxcore50)) (&& (== net461) (< netstandard1.1)) (== netstandard1.6)
      System.Net.Http (>= 4.3) - restriction: || (&& (== net461) (< net45)) (&& (== net461) (>= dnxcore50)) (== netstandard1.6)
      System.Net.Primitives (>= 4.3) - restriction: || (&& (== net461) (< net45)) (&& (== net461) (>= dnxcore50)) (&& (== net461) (< netstandard1.1)) (== netstandard1.6)
      System.Net.WebHeaderCollection (>= 4.3) - restriction: || (&& (== net461) (< net45)) (&& (== net461) (>= dnxcore50)) (== netstandard1.6)
      System.Resources.ResourceManager (>= 4.3) - restriction: || (&& (== net461) (< net45)) (&& (== net461) (>= dnxcore50)) (== netstandard1.6)
      System.Runtime (>= 4.3) - restriction: || (&& (== net461) (< net45)) (&& (== net461) (>= dnxcore50)) (&& (== net461) (< netstandard1.1)) (== netstandard1.6)
      System.Threading (>= 4.3) - restriction: || (&& (== net461) (< net45)) (&& (== net461) (>= dnxcore50)) (== netstandard1.6)
      System.Threading.Tasks (>= 4.3) - restriction: || (&& (== net461) (< net45)) (&& (== net461) (>= dnxcore50)) (== netstandard1.6)
    System.Net.Sockets (4.3) - restriction: || (&& (== net461) (== netstandard1.6)) (&& (== net461) (>= netstandard1.6)) (== netstandard1.6)
      Microsoft.NETCore.Platforms (>= 1.1) - restriction: || (&& (== net461) (< net46)) (== netstandard1.6)
      Microsoft.NETCore.Targets (>= 1.1) - restriction: || (&& (== net461) (< net46)) (== netstandard1.6)
      System.IO (>= 4.3) - restriction: || (&& (== net461) (< net46)) (== netstandard1.6)
      System.Net.Primitives (>= 4.3) - restriction: || (&& (== net461) (< net46)) (== netstandard1.6)
      System.Runtime (>= 4.3) - restriction: || (&& (== net461) (< net46)) (== netstandard1.6)
      System.Threading.Tasks (>= 4.3) - restriction: || (&& (== net461) (< net46)) (== netstandard1.6)
    System.Net.WebHeaderCollection (4.3) - restriction: || (&& (== net461) (== netstandard1.6)) (&& (== net461) (>= netstandard1.6)) (== netstandard1.6)
      System.Collections (>= 4.3) - restriction: || (&& (== net461) (< net46)) (== netstandard1.6)
      System.Resources.ResourceManager (>= 4.3) - restriction: || (&& (== net461) (< net46)) (== netstandard1.6)
      System.Runtime (>= 4.3) - restriction: || (&& (== net461) (< net46)) (== netstandard1.6)
      System.Runtime.Extensions (>= 4.3) - restriction: || (&& (== net461) (< net46)) (== netstandard1.6)
    System.ObjectModel (4.3) - restriction: || (&& (== net461) (>= netstandard1.6)) (== netstandard1.6)
      System.Collections (>= 4.3) - restriction: || (&& (== net461) (< net45)) (&& (== net461) (>= dnxcore50)) (== netstandard1.6)
      System.Diagnostics.Debug (>= 4.3) - restriction: || (&& (== net461) (< net45)) (&& (== net461) (>= dnxcore50)) (== netstandard1.6)
      System.Resources.ResourceManager (>= 4.3) - restriction: || (&& (== net461) (< net45)) (&& (== net461) (>= dnxcore50)) (== netstandard1.6)
      System.Runtime (>= 4.3) - restriction: || (&& (== net461) (< net45)) (&& (== net461) (>= dnxcore50)) (== netstandard1.6)
      System.Threading (>= 4.3) - restriction: || (&& (== net461) (< net45)) (&& (== net461) (>= dnxcore50)) (== netstandard1.6)
    System.Reflection (4.3) - restriction: || (&& (== net461) (>= netstandard1.6)) (== netstandard1.6)
      Microsoft.NETCore.Platforms (>= 1.1) - restriction: || (&& (== net461) (< net45)) (&& (== net461) (>= dnxcore50)) (== netstandard1.6)
      Microsoft.NETCore.Targets (>= 1.1) - restriction: || (&& (== net461) (< net45)) (&& (== net461) (>= dnxcore50)) (== netstandard1.6)
      System.IO (>= 4.3) - restriction: || (&& (== net461) (< net45)) (&& (== net461) (>= dnxcore50)) (== netstandard1.6)
      System.Reflection.Primitives (>= 4.3) - restriction: || (&& (== net461) (< net45)) (&& (== net461) (>= dnxcore50)) (== netstandard1.6)
      System.Runtime (>= 4.3) - restriction: || (&& (== net461) (< net45)) (&& (== net461) (>= dnxcore50)) (== netstandard1.6)
    System.Reflection.Emit (4.3) - restriction: || (&& (== net461) (== netstandard1.6)) (&& (== net461) (>= netstandard1.6)) (== netstandard1.6)
      System.IO (>= 4.3) - restriction: || (&& (== net461) (< net45)) (== netstandard1.6)
      System.Reflection (>= 4.3) - restriction: || (&& (== net461) (< net45)) (== netstandard1.6)
      System.Reflection.Emit.ILGeneration (>= 4.3) - restriction: || (&& (== net461) (< net45)) (== netstandard1.6)
      System.Reflection.Primitives (>= 4.3) - restriction: || (&& (== net461) (< net45)) (== netstandard1.6)
      System.Runtime (>= 4.3) - restriction: || (&& (== net461) (< net45)) (== netstandard1.6)
    System.Reflection.Emit.ILGeneration (4.3) - restriction: || (&& (== net461) (>= netstandard1.6)) (== netstandard1.6)
      System.Reflection (>= 4.3) - restriction: || (&& (== net461) (< net45)) (== netstandard1.6)
      System.Reflection.Primitives (>= 4.3) - restriction: || (&& (== net461) (< net45)) (== netstandard1.6)
      System.Runtime (>= 4.3) - restriction: || (&& (== net461) (< net45)) (== netstandard1.6)
    System.Reflection.Emit.Lightweight (4.3) - restriction: || (&& (== net461) (== netstandard1.6)) (&& (== net461) (>= netstandard1.6)) (== netstandard1.6)
      System.Reflection (>= 4.3) - restriction: || (&& (== net461) (< net45)) (== netstandard1.6)
      System.Reflection.Emit.ILGeneration (>= 4.3) - restriction: || (&& (== net461) (< net45)) (== netstandard1.6)
      System.Reflection.Primitives (>= 4.3) - restriction: || (&& (== net461) (< net45)) (== netstandard1.6)
      System.Runtime (>= 4.3) - restriction: || (&& (== net461) (< net45)) (== netstandard1.6)
    System.Reflection.Extensions (4.3) - restriction: || (&& (== net461) (>= netstandard1.6)) (== netstandard1.6)
      Microsoft.NETCore.Platforms (>= 1.1) - restriction: || (&& (== net461) (< net45)) (&& (== net461) (>= dnxcore50)) (== netstandard1.6)
      Microsoft.NETCore.Targets (>= 1.1) - restriction: || (&& (== net461) (< net45)) (&& (== net461) (>= dnxcore50)) (== netstandard1.6)
      System.Reflection (>= 4.3) - restriction: || (&& (== net461) (< net45)) (&& (== net461) (>= dnxcore50)) (== netstandard1.6)
      System.Runtime (>= 4.3) - restriction: || (&& (== net461) (< net45)) (&& (== net461) (>= dnxcore50)) (== netstandard1.6)
    System.Reflection.Metadata (1.5) - restriction: || (&& (== net461) (== netstandard1.6)) (&& (== net461) (>= netstandard1.6)) (== netstandard1.6)
      NETStandard.Library (>= 1.6.1)
      System.Collections.Immutable (>= 1.4)
    System.Reflection.Primitives (4.3) - restriction: || (&& (== net461) (>= netstandard1.6)) (== netstandard1.6)
      Microsoft.NETCore.Platforms (>= 1.1) - restriction: || (&& (== net461) (< net45)) (&& (== net461) (>= dnxcore50)) (== netstandard1.6)
      Microsoft.NETCore.Targets (>= 1.1) - restriction: || (&& (== net461) (< net45)) (&& (== net461) (>= dnxcore50)) (== netstandard1.6)
      System.Runtime (>= 4.3) - restriction: || (&& (== net461) (< net45)) (&& (== net461) (>= dnxcore50)) (== netstandard1.6)
    System.Reflection.TypeExtensions (4.4) - restriction: || (&& (== net461) (== netstandard1.6)) (&& (== net461) (>= netstandard1.6)) (== netstandard1.6)
      System.Reflection (>= 4.3) - restriction: || (&& (== net461) (< net46)) (&& (== net461) (>= dnxcore50)) (== netstandard1.6)
      System.Resources.ResourceManager (>= 4.3) - restriction: || (&& (== net461) (< net46)) (&& (== net461) (>= dnxcore50)) (== netstandard1.6)
      System.Runtime (>= 4.3) - restriction: || (&& (== net461) (< net46)) (&& (== net461) (>= dnxcore50)) (== netstandard1.6)
    System.Resources.ResourceManager (4.3) - restriction: || (&& (== net461) (>= netstandard1.6)) (== netstandard1.6)
      Microsoft.NETCore.Platforms (>= 1.1) - restriction: || (&& (== net461) (< net45)) (&& (== net461) (>= dnxcore50)) (== netstandard1.6)
      Microsoft.NETCore.Targets (>= 1.1) - restriction: || (&& (== net461) (< net45)) (&& (== net461) (>= dnxcore50)) (== netstandard1.6)
      System.Globalization (>= 4.3) - restriction: || (&& (== net461) (< net45)) (&& (== net461) (>= dnxcore50)) (== netstandard1.6)
      System.Reflection (>= 4.3) - restriction: || (&& (== net461) (< net45)) (&& (== net461) (>= dnxcore50)) (== netstandard1.6)
      System.Runtime (>= 4.3) - restriction: || (&& (== net461) (< net45)) (&& (== net461) (>= dnxcore50)) (== netstandard1.6)
    System.Runtime (4.3) - restriction: || (&& (== net461) (>= netstandard1.6)) (&& (== net461) (>= netcore1.1)) (== netstandard1.6)
      Microsoft.NETCore.Platforms (>= 1.1) - restriction: || (&& (== net461) (< net45)) (&& (== net461) (>= dnxcore50)) (== netstandard1.6)
      Microsoft.NETCore.Targets (>= 1.1) - restriction: || (&& (== net461) (< net45)) (&& (== net461) (>= dnxcore50)) (== netstandard1.6)
    System.Runtime.Extensions (4.3) - restriction: || (&& (== net461) (>= netstandard1.6)) (== netstandard1.6)
      Microsoft.NETCore.Platforms (>= 1.1) - restriction: || (&& (== net461) (< net45)) (&& (== net461) (>= dnxcore50)) (== netstandard1.6)
      Microsoft.NETCore.Targets (>= 1.1) - restriction: || (&& (== net461) (< net45)) (&& (== net461) (>= dnxcore50)) (== netstandard1.6)
      System.Runtime (>= 4.3) - restriction: || (&& (== net461) (< net45)) (&& (== net461) (>= dnxcore50)) (== netstandard1.6)
    System.Runtime.Handles (4.3) - restriction: || (&& (== net461) (>= netstandard1.6)) (== netstandard1.6)
      Microsoft.NETCore.Platforms (>= 1.1) - restriction: || (&& (== net461) (< net46)) (== netstandard1.6)
      Microsoft.NETCore.Targets (>= 1.1) - restriction: || (&& (== net461) (< net46)) (== netstandard1.6)
      System.Runtime (>= 4.3) - restriction: || (&& (== net461) (< net46)) (== netstandard1.6)
    System.Runtime.InteropServices (4.3) - restriction: || (&& (== net461) (>= netstandard1.6)) (== netstandard1.6)
      Microsoft.NETCore.Platforms (>= 1.1) - restriction: || (&& (== net461) (< net45)) (&& (== net461) (>= dnxcore50)) (&& (== net461) (>= netcore1.1)) (== netstandard1.6)
      Microsoft.NETCore.Targets (>= 1.1) - restriction: || (&& (== net461) (< net45)) (&& (== net461) (>= dnxcore50)) (&& (== net461) (>= netcore1.1)) (== netstandard1.6)
      System.Reflection (>= 4.3) - restriction: || (&& (== net461) (< net45)) (&& (== net461) (>= dnxcore50)) (&& (== net461) (>= netcore1.1)) (== netstandard1.6)
      System.Reflection.Primitives (>= 4.3) - restriction: || (&& (== net461) (< net45)) (&& (== net461) (>= dnxcore50)) (&& (== net461) (>= netcore1.1)) (== netstandard1.6)
      System.Runtime (>= 4.3) - restriction: || (&& (== net461) (< net45)) (&& (== net461) (>= net462)) (&& (== net461) (>= dnxcore50)) (&& (== net461) (>= netcore1.1)) (== netstandard1.6)
      System.Runtime.Handles (>= 4.3) - restriction: || (&& (== net461) (< net45)) (&& (== net461) (>= dnxcore50)) (&& (== net461) (>= netcore1.1)) (== netstandard1.6)
    System.Runtime.InteropServices.RuntimeInformation (4.3) - restriction: || (&& (== net461) (== netstandard1.6)) (&& (== net461) (>= netstandard1.6)) (== netstandard1.6)
      runtime.native.System (>= 4.3) - restriction: || (&& (== net461) (< net45)) (== netstandard1.6)
      System.Reflection (>= 4.3) - restriction: || (&& (== net461) (< net45)) (&& (== net461) (>= dnxcore50)) (== netstandard1.6)
      System.Reflection.Extensions (>= 4.3) - restriction: || (&& (== net461) (< net45)) (&& (== net461) (>= dnxcore50)) (== netstandard1.6)
      System.Resources.ResourceManager (>= 4.3) - restriction: || (&& (== net461) (< net45)) (&& (== net461) (>= dnxcore50)) (== netstandard1.6)
      System.Runtime (>= 4.3) - restriction: || (&& (== net461) (< net45)) (&& (== net461) (>= dnxcore50)) (== netstandard1.6)
      System.Runtime.InteropServices (>= 4.3) - restriction: || (&& (== net461) (< net45)) (== netstandard1.6)
      System.Threading (>= 4.3) - restriction: || (&& (== net461) (< net45)) (&& (== net461) (>= dnxcore50)) (== netstandard1.6)
    System.Runtime.Numerics (4.3) - restriction: || (&& (== net461) (>= netstandard1.6)) (== netstandard1.6)
      System.Globalization (>= 4.3) - restriction: || (&& (== net461) (< net45)) (&& (== net461) (>= dnxcore50)) (== netstandard1.6)
      System.Resources.ResourceManager (>= 4.3) - restriction: || (&& (== net461) (< net45)) (&& (== net461) (>= dnxcore50)) (== netstandard1.6)
      System.Runtime (>= 4.3) - restriction: || (&& (== net461) (< net45)) (&& (== net461) (>= dnxcore50)) (== netstandard1.6)
      System.Runtime.Extensions (>= 4.3) - restriction: || (&& (== net461) (< net45)) (&& (== net461) (>= dnxcore50)) (== netstandard1.6)
    System.Security.Cryptography.Algorithms (4.3) - restriction: || (&& (== net461) (< net35)) (&& (== net461) (>= netstandard1.6)) (== netstandard1.6)
      Microsoft.NETCore.Platforms (>= 1.1) - restriction: || (&& (== net461) (>= dnxcore50)) (&& (== net461) (>= netstandard1.6)) (== netstandard1.6)
      runtime.native.System.Security.Cryptography.Apple (>= 4.3) - restriction: || (&& (== net461) (>= netstandard1.6)) (== netstandard1.6)
      runtime.native.System.Security.Cryptography.OpenSsl (>= 4.3) - restriction: || (&& (== net461) (>= netstandard1.6)) (== netstandard1.6)
      System.Collections (>= 4.3) - restriction: || (&& (== net461) (>= netstandard1.6)) (== netstandard1.6)
      System.IO (>= 4.3) - restriction: || (&& (== net461) (< net46)) (&& (== net461) (>= net463)) (&& (== net461) (>= dnxcore50)) (&& (== net461) (>= netstandard1.6)) (== netstandard1.6)
      System.Resources.ResourceManager (>= 4.3) - restriction: || (&& (== net461) (>= dnxcore50)) (&& (== net461) (>= netstandard1.6)) (== netstandard1.6)
      System.Runtime (>= 4.3) - restriction: || (&& (== net461) (< net46)) (&& (== net461) (>= net463)) (&& (== net461) (>= dnxcore50)) (&& (== net461) (>= netstandard1.6)) (== netstandard1.6)
      System.Runtime.Extensions (>= 4.3) - restriction: || (&& (== net461) (>= dnxcore50)) (&& (== net461) (>= netstandard1.6)) (== netstandard1.6)
      System.Runtime.Handles (>= 4.3) - restriction: || (&& (== net461) (>= dnxcore50)) (&& (== net461) (>= netstandard1.6)) (== netstandard1.6)
      System.Runtime.InteropServices (>= 4.3) - restriction: || (&& (== net461) (>= dnxcore50)) (&& (== net461) (>= netstandard1.6)) (== netstandard1.6)
      System.Runtime.Numerics (>= 4.3) - restriction: || (&& (== net461) (>= netstandard1.6)) (== netstandard1.6)
      System.Security.Cryptography.Encoding (>= 4.3) - restriction: || (&& (== net461) (>= net463)) (&& (== net461) (>= dnxcore50)) (&& (== net461) (>= netstandard1.6)) (== netstandard1.6)
      System.Security.Cryptography.Primitives (>= 4.3)
      System.Text.Encoding (>= 4.3) - restriction: || (&& (== net461) (>= dnxcore50)) (&& (== net461) (>= netstandard1.6)) (== netstandard1.6)
    System.Security.Cryptography.Cng (4.4) - restriction: || (&& (== net461) (== netstandard1.6)) (&& (== net461) (>= netstandard1.6)) (== netstandard1.6)
      System.IO (>= 4.3) - restriction: || (&& (== net461) (< net46)) (&& (== net461) (>= netstandard1.6)) (== netstandard1.6)
      System.Resources.ResourceManager (>= 4.3) - restriction: || (&& (== net461) (< net46)) (&& (== net461) (>= netstandard1.6)) (== netstandard1.6)
      System.Runtime (>= 4.3) - restriction: || (&& (== net461) (< net46)) (&& (== net461) (>= netstandard1.6)) (== netstandard1.6)
      System.Runtime.Extensions (>= 4.3) - restriction: || (&& (== net461) (< net46)) (&& (== net461) (>= netstandard1.6)) (== netstandard1.6)
      System.Runtime.Handles (>= 4.3) - restriction: || (&& (== net461) (< net46)) (&& (== net461) (>= netstandard1.6)) (== netstandard1.6)
      System.Runtime.InteropServices (>= 4.3) - restriction: || (&& (== net461) (< net46)) (&& (== net461) (>= netstandard1.6)) (== netstandard1.6)
      System.Security.Cryptography.Algorithms (>= 4.3) - restriction: || (&& (== net461) (< net46)) (&& (== net461) (< netstandard1.4)) (&& (== net461) (>= netstandard1.6)) (== netstandard1.6)
      System.Security.Cryptography.Encoding (>= 4.3) - restriction: || (&& (== net461) (< net46)) (&& (== net461) (>= netstandard1.6)) (== netstandard1.6)
      System.Security.Cryptography.Primitives (>= 4.3) - restriction: || (&& (== net461) (< net46)) (&& (== net461) (< netstandard1.4)) (&& (== net461) (>= netstandard1.6)) (== netstandard1.6)
      System.Text.Encoding (>= 4.3) - restriction: || (&& (== net461) (< net46)) (&& (== net461) (>= netstandard1.6)) (== netstandard1.6)
    System.Security.Cryptography.Csp (4.3) - restriction: || (&& (== net461) (< net35)) (&& (== net461) (>= netstandard1.6)) (== netstandard1.6)
      Microsoft.NETCore.Platforms (>= 1.1) - restriction: || (&& (== net461) (< net46)) (== netstandard1.6)
      System.IO (>= 4.3) - restriction: || (&& (== net461) (< net46)) (== netstandard1.6)
      System.Reflection (>= 4.3) - restriction: || (&& (== net461) (< net46)) (== netstandard1.6)
      System.Resources.ResourceManager (>= 4.3) - restriction: || (&& (== net461) (< net46)) (== netstandard1.6)
      System.Runtime (>= 4.3) - restriction: || (&& (== net461) (< net46)) (== netstandard1.6)
      System.Runtime.Extensions (>= 4.3) - restriction: || (&& (== net461) (< net46)) (== netstandard1.6)
      System.Runtime.Handles (>= 4.3) - restriction: || (&& (== net461) (< net46)) (== netstandard1.6)
      System.Runtime.InteropServices (>= 4.3) - restriction: || (&& (== net461) (< net46)) (== netstandard1.6)
      System.Security.Cryptography.Algorithms (>= 4.3)
      System.Security.Cryptography.Encoding (>= 4.3) - restriction: || (&& (== net461) (< net46)) (== netstandard1.6)
      System.Security.Cryptography.Primitives (>= 4.3)
      System.Text.Encoding (>= 4.3) - restriction: || (&& (== net461) (< net46)) (== netstandard1.6)
      System.Threading (>= 4.3) - restriction: || (&& (== net461) (< net46)) (== netstandard1.6)
    System.Security.Cryptography.Encoding (4.3) - restriction: || (&& (== net461) (>= netstandard1.6)) (== netstandard1.6)
      Microsoft.NETCore.Platforms (>= 1.1) - restriction: || (&& (== net461) (< net46)) (== netstandard1.6)
      runtime.native.System.Security.Cryptography.OpenSsl (>= 4.3) - restriction: || (&& (== net461) (< net46)) (== netstandard1.6)
      System.Collections (>= 4.3) - restriction: || (&& (== net461) (< net46)) (== netstandard1.6)
      System.Collections.Concurrent (>= 4.3) - restriction: || (&& (== net461) (< net46)) (== netstandard1.6)
      System.Linq (>= 4.3) - restriction: || (&& (== net461) (< net46)) (== netstandard1.6)
      System.Resources.ResourceManager (>= 4.3) - restriction: || (&& (== net461) (< net46)) (== netstandard1.6)
      System.Runtime (>= 4.3) - restriction: || (&& (== net461) (< net46)) (== netstandard1.6)
      System.Runtime.Extensions (>= 4.3) - restriction: || (&& (== net461) (< net46)) (== netstandard1.6)
      System.Runtime.Handles (>= 4.3) - restriction: || (&& (== net461) (< net46)) (== netstandard1.6)
      System.Runtime.InteropServices (>= 4.3) - restriction: || (&& (== net461) (< net46)) (== netstandard1.6)
      System.Security.Cryptography.Primitives (>= 4.3) - restriction: || (&& (== net461) (< net46)) (== netstandard1.6)
      System.Text.Encoding (>= 4.3) - restriction: || (&& (== net461) (< net46)) (== netstandard1.6)
    System.Security.Cryptography.OpenSsl (4.3) - restriction: || (&& (== net461) (>= netstandard1.6)) (== netstandard1.6)
      runtime.native.System.Security.Cryptography.OpenSsl (>= 4.3) - restriction: || (&& (== net461) (>= net463)) (&& (== net461) (>= netstandard1.6)) (&& (== net461) (>= monoandroid)) (== netstandard1.6)
      System.Collections (>= 4.3) - restriction: || (&& (== net461) (>= netstandard1.6)) (== netstandard1.6)
      System.IO (>= 4.3) - restriction: || (&& (== net461) (>= net463)) (&& (== net461) (>= netstandard1.6)) (== netstandard1.6)
      System.Resources.ResourceManager (>= 4.3) - restriction: || (&& (== net461) (>= netstandard1.6)) (== netstandard1.6)
      System.Runtime (>= 4.3) - restriction: || (&& (== net461) (>= net463)) (&& (== net461) (>= netstandard1.6)) (== netstandard1.6)
      System.Runtime.Extensions (>= 4.3) - restriction: || (&& (== net461) (>= net463)) (&& (== net461) (>= netstandard1.6)) (== netstandard1.6)
      System.Runtime.Handles (>= 4.3) - restriction: || (&& (== net461) (>= netstandard1.6)) (== netstandard1.6)
      System.Runtime.InteropServices (>= 4.3) - restriction: || (&& (== net461) (>= netstandard1.6)) (== netstandard1.6)
      System.Runtime.Numerics (>= 4.3) - restriction: || (&& (== net461) (>= netstandard1.6)) (== netstandard1.6)
      System.Security.Cryptography.Algorithms (>= 4.3) - restriction: || (&& (== net461) (>= net463)) (&& (== net461) (>= netstandard1.6)) (== netstandard1.6)
      System.Security.Cryptography.Encoding (>= 4.3) - restriction: || (&& (== net461) (>= net463)) (&& (== net461) (>= netstandard1.6)) (== netstandard1.6)
      System.Security.Cryptography.Primitives (>= 4.3) - restriction: || (&& (== net461) (>= net463)) (&& (== net461) (>= netstandard1.6)) (== netstandard1.6)
      System.Text.Encoding (>= 4.3) - restriction: || (&& (== net461) (>= netstandard1.6)) (== netstandard1.6)
    System.Security.Cryptography.Primitives (4.3) - restriction: || (&& (== net461) (>= netstandard1.6)) (== netstandard1.6)
      System.Diagnostics.Debug (>= 4.3) - restriction: || (&& (== net461) (< net46)) (== netstandard1.6)
      System.Globalization (>= 4.3) - restriction: || (&& (== net461) (< net46)) (== netstandard1.6)
      System.IO (>= 4.3) - restriction: || (&& (== net461) (< net46)) (== netstandard1.6)
      System.Resources.ResourceManager (>= 4.3) - restriction: || (&& (== net461) (< net46)) (== netstandard1.6)
      System.Runtime (>= 4.3) - restriction: || (&& (== net461) (< net46)) (== netstandard1.6)
      System.Threading (>= 4.3) - restriction: || (&& (== net461) (< net46)) (== netstandard1.6)
      System.Threading.Tasks (>= 4.3) - restriction: || (&& (== net461) (< net46)) (== netstandard1.6)
    System.Security.Cryptography.X509Certificates (4.3) - restriction: || (&& (== net461) (>= netstandard1.6)) (== netstandard1.6)
      Microsoft.NETCore.Platforms (>= 1.1) - restriction: || (&& (== net461) (>= dnxcore50)) (&& (== net461) (>= netstandard1.6)) (== netstandard1.6)
      runtime.native.System (>= 4.3) - restriction: || (&& (== net461) (>= netstandard1.6)) (== netstandard1.6)
      runtime.native.System.Net.Http (>= 4.3) - restriction: || (&& (== net461) (>= netstandard1.6)) (== netstandard1.6)
      runtime.native.System.Security.Cryptography.OpenSsl (>= 4.3) - restriction: || (&& (== net461) (>= netstandard1.6)) (== netstandard1.6)
      System.Collections (>= 4.3) - restriction: || (&& (== net461) (>= dnxcore50)) (&& (== net461) (>= netstandard1.6)) (== netstandard1.6)
      System.Diagnostics.Debug (>= 4.3) - restriction: || (&& (== net461) (>= netstandard1.6)) (== netstandard1.6)
      System.Globalization (>= 4.3) - restriction: || (&& (== net461) (>= dnxcore50)) (&& (== net461) (>= netstandard1.6)) (== netstandard1.6)
      System.Globalization.Calendars (>= 4.3) - restriction: || (&& (== net461) (>= dnxcore50)) (&& (== net461) (>= netstandard1.6)) (== netstandard1.6)
      System.IO (>= 4.3) - restriction: || (&& (== net461) (>= dnxcore50)) (&& (== net461) (>= netstandard1.6)) (== netstandard1.6)
      System.IO.FileSystem (>= 4.3) - restriction: || (&& (== net461) (>= dnxcore50)) (&& (== net461) (>= netstandard1.6)) (== netstandard1.6)
      System.IO.FileSystem.Primitives (>= 4.3) - restriction: || (&& (== net461) (>= netstandard1.6)) (== netstandard1.6)
      System.Resources.ResourceManager (>= 4.3) - restriction: || (&& (== net461) (>= dnxcore50)) (&& (== net461) (>= netstandard1.6)) (== netstandard1.6)
      System.Runtime (>= 4.3) - restriction: || (&& (== net461) (< net46)) (&& (== net461) (>= dnxcore50)) (&& (== net461) (>= netstandard1.6)) (== netstandard1.6)
      System.Runtime.Extensions (>= 4.3) - restriction: || (&& (== net461) (>= dnxcore50)) (&& (== net461) (>= netstandard1.6)) (== netstandard1.6)
      System.Runtime.Handles (>= 4.3) - restriction: || (&& (== net461) (< net46)) (&& (== net461) (>= dnxcore50)) (&& (== net461) (>= netstandard1.6)) (== netstandard1.6)
      System.Runtime.InteropServices (>= 4.3) - restriction: || (&& (== net461) (>= dnxcore50)) (&& (== net461) (>= netstandard1.6)) (== netstandard1.6)
      System.Runtime.Numerics (>= 4.3) - restriction: || (&& (== net461) (>= dnxcore50)) (&& (== net461) (>= netstandard1.6)) (== netstandard1.6)
      System.Security.Cryptography.Algorithms (>= 4.3)
      System.Security.Cryptography.Cng (>= 4.3) - restriction: || (&& (== net461) (>= dnxcore50)) (&& (== net461) (>= netstandard1.6)) (== netstandard1.6)
      System.Security.Cryptography.Csp (>= 4.3) - restriction: || (&& (== net461) (>= netstandard1.6)) (== netstandard1.6)
      System.Security.Cryptography.Encoding (>= 4.3)
      System.Security.Cryptography.OpenSsl (>= 4.3) - restriction: || (&& (== net461) (>= netstandard1.6)) (== netstandard1.6)
      System.Security.Cryptography.Primitives (>= 4.3) - restriction: || (&& (== net461) (>= dnxcore50)) (&& (== net461) (>= netstandard1.6)) (== netstandard1.6)
      System.Text.Encoding (>= 4.3) - restriction: || (&& (== net461) (>= dnxcore50)) (&& (== net461) (>= netstandard1.6)) (== netstandard1.6)
      System.Threading (>= 4.3) - restriction: || (&& (== net461) (>= dnxcore50)) (&& (== net461) (>= netstandard1.6)) (== netstandard1.6)
    System.Text.Encoding (4.3) - restriction: || (&& (== net461) (>= netstandard1.6)) (== netstandard1.6)
      Microsoft.NETCore.Platforms (>= 1.1) - restriction: || (&& (== net461) (< net45)) (&& (== net461) (>= dnxcore50)) (== netstandard1.6)
      Microsoft.NETCore.Targets (>= 1.1) - restriction: || (&& (== net461) (< net45)) (&& (== net461) (>= dnxcore50)) (== netstandard1.6)
      System.Runtime (>= 4.3) - restriction: || (&& (== net461) (< net45)) (&& (== net461) (>= dnxcore50)) (== netstandard1.6)
    System.Text.Encoding.Extensions (4.3) - restriction: || (&& (== net461) (== netstandard1.6)) (&& (== net461) (>= netstandard1.6)) (== netstandard1.6)
      Microsoft.NETCore.Platforms (>= 1.1) - restriction: || (&& (== net461) (< net45)) (&& (== net461) (>= dnxcore50)) (== netstandard1.6)
      Microsoft.NETCore.Targets (>= 1.1) - restriction: || (&& (== net461) (< net45)) (&& (== net461) (>= dnxcore50)) (== netstandard1.6)
      System.Runtime (>= 4.3) - restriction: || (&& (== net461) (< net45)) (&& (== net461) (>= dnxcore50)) (== netstandard1.6)
      System.Text.Encoding (>= 4.3) - restriction: || (&& (== net461) (< net45)) (&& (== net461) (>= dnxcore50)) (== netstandard1.6)
    System.Text.RegularExpressions (4.3) - restriction: || (&& (== net461) (>= netstandard1.6)) (== netstandard1.6)
      System.Collections (>= 4.3) - restriction: || (&& (== net461) (>= dnxcore50)) (&& (== net461) (>= netstandard1.6)) (== netstandard1.6)
      System.Globalization (>= 4.3) - restriction: || (&& (== net461) (>= dnxcore50)) (&& (== net461) (>= netstandard1.6)) (== netstandard1.6)
      System.Resources.ResourceManager (>= 4.3) - restriction: || (&& (== net461) (>= dnxcore50)) (&& (== net461) (>= netstandard1.6)) (== netstandard1.6)
      System.Runtime (>= 4.3) - restriction: || (&& (== net461) (< net45)) (&& (== net461) (>= dnxcore50)) (&& (== net461) (>= netstandard1.6)) (&& (== net461) (>= netcore1.1)) (== netstandard1.6)
      System.Runtime.Extensions (>= 4.3) - restriction: || (&& (== net461) (>= dnxcore50)) (&& (== net461) (>= netstandard1.6)) (== netstandard1.6)
      System.Threading (>= 4.3) - restriction: || (&& (== net461) (>= dnxcore50)) (&& (== net461) (>= netstandard1.6)) (== netstandard1.6)
    System.Threading (4.3) - restriction: || (&& (== net461) (>= netstandard1.6)) (== netstandard1.6)
      System.Runtime (>= 4.3) - restriction: || (&& (== net461) (< net45)) (&& (== net461) (>= dnxcore50)) (== netstandard1.6)
      System.Threading.Tasks (>= 4.3) - restriction: || (&& (== net461) (< net45)) (&& (== net461) (>= dnxcore50)) (== netstandard1.6)
    System.Threading.Tasks (4.3) - restriction: || (&& (== net461) (>= netstandard1.6)) (== netstandard1.6)
      Microsoft.NETCore.Platforms (>= 1.1) - restriction: || (&& (== net461) (< net45)) (&& (== net461) (>= dnxcore50)) (== netstandard1.6)
      Microsoft.NETCore.Targets (>= 1.1) - restriction: || (&& (== net461) (< net45)) (&& (== net461) (>= dnxcore50)) (== netstandard1.6)
      System.Runtime (>= 4.3) - restriction: || (&& (== net461) (< net45)) (&& (== net461) (>= dnxcore50)) (== netstandard1.6)
    System.Threading.Tasks.Extensions (4.4) - restriction: || (&& (== net461) (== netstandard1.6)) (&& (== net461) (>= netstandard1.6)) (== netstandard1.6)
      System.Collections (>= 4.3)
      System.Runtime (>= 4.3)
      System.Threading.Tasks (>= 4.3)
    System.Threading.Tasks.Parallel (4.3) - restriction: || (&& (== net461) (== netstandard1.6)) (&& (== net461) (>= netstandard1.6)) (== netstandard1.6)
      System.Collections.Concurrent (>= 4.3) - restriction: || (&& (== net461) (< net45)) (&& (== net461) (>= dnxcore50)) (== netstandard1.6)
      System.Diagnostics.Debug (>= 4.3) - restriction: || (&& (== net461) (< net45)) (&& (== net461) (>= dnxcore50)) (== netstandard1.6)
      System.Diagnostics.Tracing (>= 4.3) - restriction: || (&& (== net461) (< net45)) (&& (== net461) (>= dnxcore50)) (== netstandard1.6)
      System.Resources.ResourceManager (>= 4.3) - restriction: || (&& (== net461) (< net45)) (&& (== net461) (>= dnxcore50)) (== netstandard1.6)
      System.Runtime (>= 4.3) - restriction: || (&& (== net461) (< net45)) (&& (== net461) (>= dnxcore50)) (== netstandard1.6)
      System.Runtime.Extensions (>= 4.3) - restriction: || (&& (== net461) (< net45)) (&& (== net461) (>= dnxcore50)) (== netstandard1.6)
      System.Threading (>= 4.3) - restriction: || (&& (== net461) (< net45)) (&& (== net461) (>= dnxcore50)) (== netstandard1.6)
      System.Threading.Tasks (>= 4.3) - restriction: || (&& (== net461) (< net45)) (&& (== net461) (>= dnxcore50)) (== netstandard1.6)
    System.Threading.Thread (4.3) - restriction: || (&& (== net461) (== netstandard1.6)) (&& (== net461) (>= netstandard1.6)) (== netstandard1.6)
      System.Runtime (>= 4.3) - restriction: || (&& (== net461) (< net46)) (== netstandard1.6)
    System.Threading.ThreadPool (4.3) - restriction: || (&& (== net461) (== netstandard1.6)) (&& (== net461) (>= netstandard1.6)) (== netstandard1.6)
      System.Runtime (>= 4.3) - restriction: || (&& (== net461) (< net46)) (== netstandard1.6)
      System.Runtime.Handles (>= 4.3) - restriction: || (&& (== net461) (< net46)) (== netstandard1.6)
    System.Threading.Timer (4.3) - restriction: || (&& (== net461) (>= netstandard1.6)) (== netstandard1.6)
      Microsoft.NETCore.Platforms (>= 1.1) - restriction: || (&& (== net461) (< net451)) (&& (== net461) (>= dnxcore50)) (== netstandard1.6)
      Microsoft.NETCore.Targets (>= 1.1) - restriction: || (&& (== net461) (< net451)) (&& (== net461) (>= dnxcore50)) (== netstandard1.6)
      System.Runtime (>= 4.3) - restriction: || (&& (== net461) (< net451)) (&& (== net461) (>= dnxcore50)) (== netstandard1.6)
    System.Xml.ReaderWriter (4.3) - restriction: || (&& (== net461) (== netstandard1.6)) (&& (== net461) (>= netstandard1.6)) (== netstandard1.6)
      System.Collections (>= 4.3) - restriction: || (&& (== net461) (< net45)) (&& (== net461) (>= dnxcore50)) (== netstandard1.6)
      System.Diagnostics.Debug (>= 4.3) - restriction: || (&& (== net461) (< net45)) (&& (== net461) (>= dnxcore50)) (== netstandard1.6)
      System.Globalization (>= 4.3) - restriction: || (&& (== net461) (< net45)) (&& (== net461) (>= dnxcore50)) (== netstandard1.6)
      System.IO (>= 4.3) - restriction: || (&& (== net461) (< net45)) (&& (== net461) (>= dnxcore50)) (== netstandard1.6)
      System.IO.FileSystem (>= 4.3) - restriction: || (&& (== net461) (< net45)) (&& (== net461) (>= dnxcore50)) (== netstandard1.6)
      System.IO.FileSystem.Primitives (>= 4.3) - restriction: || (&& (== net461) (< net45)) (&& (== net461) (>= dnxcore50)) (== netstandard1.6)
      System.Resources.ResourceManager (>= 4.3) - restriction: || (&& (== net461) (< net45)) (&& (== net461) (>= dnxcore50)) (== netstandard1.6)
      System.Runtime (>= 4.3) - restriction: || (&& (== net461) (< net45)) (&& (== net461) (>= dnxcore50)) (== netstandard1.6)
      System.Runtime.Extensions (>= 4.3) - restriction: || (&& (== net461) (< net45)) (&& (== net461) (>= dnxcore50)) (== netstandard1.6)
      System.Runtime.InteropServices (>= 4.3) - restriction: || (&& (== net461) (< net45)) (&& (== net461) (>= dnxcore50)) (== netstandard1.6)
      System.Text.Encoding (>= 4.3) - restriction: || (&& (== net461) (< net45)) (&& (== net461) (>= dnxcore50)) (== netstandard1.6)
      System.Text.Encoding.Extensions (>= 4.3) - restriction: || (&& (== net461) (< net45)) (&& (== net461) (>= dnxcore50)) (== netstandard1.6)
      System.Text.RegularExpressions (>= 4.3) - restriction: || (&& (== net461) (< net45)) (&& (== net461) (>= dnxcore50)) (== netstandard1.6)
      System.Threading.Tasks (>= 4.3) - restriction: || (&& (== net461) (< net45)) (&& (== net461) (>= dnxcore50)) (== netstandard1.6)
      System.Threading.Tasks.Extensions (>= 4.3) - restriction: || (&& (== net461) (< net45)) (&& (== net461) (>= dnxcore50)) (== netstandard1.6)
    System.Xml.XDocument (4.3) - restriction: || (&& (== net461) (>= netstandard1.6)) (== netstandard1.6)
      System.Collections (>= 4.3) - restriction: || (&& (== net461) (< net45)) (&& (== net461) (>= dnxcore50)) (== netstandard1.6)
      System.Diagnostics.Debug (>= 4.3) - restriction: || (&& (== net461) (< net45)) (&& (== net461) (>= dnxcore50)) (== netstandard1.6)
      System.Diagnostics.Tools (>= 4.3) - restriction: || (&& (== net461) (< net45)) (&& (== net461) (>= dnxcore50)) (== netstandard1.6)
      System.Globalization (>= 4.3) - restriction: || (&& (== net461) (< net45)) (&& (== net461) (>= dnxcore50)) (== netstandard1.6)
      System.IO (>= 4.3) - restriction: || (&& (== net461) (< net45)) (&& (== net461) (>= dnxcore50)) (== netstandard1.6)
      System.Reflection (>= 4.3) - restriction: || (&& (== net461) (< net45)) (&& (== net461) (>= dnxcore50)) (== netstandard1.6)
      System.Resources.ResourceManager (>= 4.3) - restriction: || (&& (== net461) (< net45)) (&& (== net461) (>= dnxcore50)) (== netstandard1.6)
      System.Runtime (>= 4.3) - restriction: || (&& (== net461) (< net45)) (&& (== net461) (>= dnxcore50)) (== netstandard1.6)
      System.Runtime.Extensions (>= 4.3) - restriction: || (&& (== net461) (< net45)) (&& (== net461) (>= dnxcore50)) (== netstandard1.6)
      System.Text.Encoding (>= 4.3) - restriction: || (&& (== net461) (< net45)) (&& (== net461) (>= dnxcore50)) (== netstandard1.6)
      System.Threading (>= 4.3) - restriction: || (&& (== net461) (< net45)) (&& (== net461) (>= dnxcore50)) (== netstandard1.6)
      System.Xml.ReaderWriter (>= 4.3) - restriction: || (&& (== net461) (< net45)) (&& (== net461) (>= dnxcore50)) (== netstandard1.6)
  remote: https://www.myget.org/F/sentimentfs/api/v2
    SentimentFS.TextUtilities (0.2.0)
      FSharp.Core (>= 4.2.2)
      FSharp.NET.Sdk (>= 1.0.5)
      NETStandard.Library (>= 1.6.1) - restriction: || (&& (== net461) (>= netstandard1.6)) (== netstandard1.6)

GROUP Build
NUGET
  remote: https://www.nuget.org/api/v2
    FAKE (4.63)
